GEM
  remote: http://rubygems.org/
  specs:
    test-unit (2.4.3)
    thor (0.14.6)

PLATFORMS
  ruby

DEPENDENCIES
  test-unit
  thor
